NUGET
  remote: https://nuget.org/api/v2
  specs:
    FAKE (3.34.5)
    FSharp.Compiler.Service (0.0.89)
    FSharp.Formatting (2.9.6)
      FSharp.Compiler.Service (>= 0.0.87)
      FSharpVSPowerTools.Core (1.8.0)
    FSharpVSPowerTools.Core (1.8.0)
      FSharp.Compiler.Service (>= 0.0.87)
    Microsoft.Bcl (1.1.10)
      Microsoft.Bcl.Build (>= 1.0.14)
    Microsoft.Bcl.Build (1.0.21)
    Microsoft.Net.Http (2.2.29)
      Microsoft.Bcl (>= 1.1.10)
      Microsoft.Bcl.Build (>= 1.0.14)
    NUnit (2.6.4)
    NUnit.Runners (2.6.4)
    Octokit (0.12.0)
      Microsoft.Net.Http
    SourceLink.Fake (0.5.0)
GITHUB
  remote: fsharp/FAKE
  specs:
    modules/Octokit/Octokit.fsx (64f32448e62d6e14f9856c4848bc4debce8a2c34)
      Octokit